PATH
  remote: .
  specs:
    gyazz-markup (0.1.1)

GEM
  remote: https://rubygems.org/
  specs:
    minitest (4.7.0)
    rake (10.0.4)

PLATFORMS
  ruby

DEPENDENCIES
  bundler (~> 1.3)
  gyazz-markup!
  minitest
  rake
